PATH
  remote: .
  specs:
    qless-pool (0.5.0)
      qless (~> 0.9)
      rake
      trollop (~> 1.16)

GEM
  remote: http://rubygems.org/
  specs:
    aruba (0.4.11)
      childprocess (>= 0.2.3)
      cucumber (>= 1.1.1)
      ffi (>= 1.0.11)
      rspec (>= 2.7.0)
    builder (3.2.2)
    childprocess (0.3.9)
      ffi (~> 1.0, >= 1.0.11)
    cucumber (1.2.5)
      builder (>= 2.1.2)
      diff-lcs (>= 1.1.3)
      gherkin (~> 2.11.7)
      multi_json (~> 1.3)
    diff-lcs (1.1.3)
    ffi (1.9.0)
    gherkin (2.11.8)
      multi_json (~> 1.3)
    hpricot (0.8.6)
    multi_json (1.7.7)
    mustache (0.99.4)
    qless (0.9.3)
      redis (>= 2.2)
      sinatra (~> 1.3.2)
      vegas (~> 0.1.11)
    rack (1.5.2)
    rack-protection (1.5.0)
      rack
    rake (10.1.0)
    rdiscount (2.1.6)
    redis (3.0.4)
    ronn (0.7.3)
      hpricot (>= 0.8.2)
      mustache (>= 0.7.0)
      rdiscount (>= 1.5.8)
    rspec (2.10.0)
      rspec-core (~> 2.10.0)
      rspec-expectations (~> 2.10.0)
      rspec-mocks (~> 2.10.0)
    rspec-core (2.10.1)
    rspec-expectations (2.10.0)
      diff-lcs (~> 1.1.3)
    rspec-mocks (2.10.1)
    sinatra (1.3.6)
      rack (~> 1.4)
      rack-protection (~> 1.3)
      tilt (~> 1.3, >= 1.3.3)
    tilt (1.4.1)
    trollop (1.16.2)
    vegas (0.1.11)
      rack (>= 1.0.0)

PLATFORMS
  ruby

DEPENDENCIES
  aruba (~> 0.4.11)
  bundler (~> 1.0)
  cucumber (~> 1.2.0)
  qless-pool!
  ronn
  rspec (~> 2.10.0)
